GEM
  remote: https://rubygems.org/
  specs:
    hoe (3.7.2)
      rake (>= 0.8, < 11.0)
    rake (10.1.0)
    rake-compiler (0.9.2)
      rake

PLATFORMS
  ruby

DEPENDENCIES
  hoe
  rake
  rake-compiler
